GEM
  remote: https://rubygems.org/
  specs:
    diff-lcs (1.2.5)
    ethon (0.7.3)
      ffi (>= 1.3.0)
    ffi (1.9.8)
    rake (10.4.2)
    rspec (2.99.0)
      rspec-core (~> 2.99.0)
      rspec-expectations (~> 2.99.0)
      rspec-mocks (~> 2.99.0)
    rspec-core (2.99.2)
    rspec-expectations (2.99.2)
      diff-lcs (>= 1.1.3, < 2.0)
    rspec-mocks (2.99.3)
    typhoeus (0.7.1)
      ethon (>= 0.7.1)

PLATFORMS
  ruby

DEPENDENCIES
  rake (> 10.0)
  rspec (~> 2.99.0)
  typhoeus (~> 0.7.1)
